PATH
  remote: .
  specs:
    http_spec (0.0.1)
      rspec

GEM
  remote: https://rubygems.org/
  specs:
    cane (1.3.0)
    diff-lcs (1.1.3)
    faraday (0.8.1)
      multipart-post (~> 1.1)
    fdoc (0.2.3)
      json
      json-schema (>= 1.0.1)
      kramdown
    i18n (0.6.0)
    json (1.7.3)
    json-schema (1.0.8)
    kramdown (0.13.7)
    multi_json (1.3.5)
    multipart-post (1.1.5)
    rack (1.4.1)
    rspec (2.10.0)
      rspec-core (~> 2.10.0)
      rspec-expectations (~> 2.10.0)
      rspec-mocks (~> 2.10.0)
    rspec-core (2.10.1)
    rspec-expectations (2.10.0)
      diff-lcs (~> 1.1.3)
    rspec-mocks (2.10.1)
    simplecov (0.6.4)
      multi_json (~> 1.0)
      simplecov-html (~> 0.5.3)
    simplecov-html (0.5.3)
    webmachine (1.0.0)
      i18n (>= 0.4.0)
      multi_json

PLATFORMS
  ruby

DEPENDENCIES
  cane
  faraday
  fdoc
  http_spec!
  rack
  simplecov
  webmachine
